GEM
  remote: https://rubygems.org/
  specs:
    diff-lcs (1.2.5)
    fssm (0.2.10)
    haml (4.0.5)
      tilt
    json_expressions (0.8.2)
    rack (1.5.2)
    rack-protection (1.5.3)
      rack
    rack-test (0.6.2)
      rack (>= 1.0)
    rake (10.3.2)
    restful_objects (0.0.6)
      sinatra (= 1.4.4)
    rspec (3.1.0)
      rspec-core (~> 3.1.0)
      rspec-expectations (~> 3.1.0)
      rspec-mocks (~> 3.1.0)
    rspec-core (3.1.7)
      rspec-support (~> 3.1.0)
    rspec-expectations (3.1.2)
      diff-lcs (>= 1.2.0, < 2.0)
      rspec-support (~> 3.1.0)
    rspec-mocks (3.1.3)
      rspec-support (~> 3.1.0)
    rspec-support (3.1.2)
    sass (3.3.7)
    sinatra (1.4.4)
      rack (~> 1.4)
      rack-protection (~> 1.4)
      tilt (~> 1.3, >= 1.3.4)
    tilt (1.4.1)

PLATFORMS
  ruby

DEPENDENCIES
  fssm (= 0.2.10)
  haml (= 4.0.5)
  json_expressions (= 0.8.2)
  rack-test (= 0.6.2)
  rake (= 10.3.2)
  restful_objects (= 0.0.6)
  rspec (= 3.1.0)
  sass (= 3.3.7)
